GEM
  remote: https://rubygems.org/
  specs:
    dotenv (2.8.1)
    influxdb-client (2.9.0)
    mqtt (0.6.0)
    rake (13.0.6)

PLATFORMS
  ruby

DEPENDENCIES
  dotenv
  influxdb-client
  mqtt
  rake

BUNDLED WITH
   2.4.8
